FRAMEWORK: >= NET462
NUGET
  remote: https://api.nuget.org/v3/index.json
    FsCheck (2.7.2)
      FSharp.Core (>= 3.1.2.5)
    FsCheck.Xunit (2.7.2)
      FsCheck (>= 2.7.2)
      xunit.extensibility.execution (>= 2.1 < 3.0)
    FSharp.Core (4.1.0.2)
      System.ValueTuple (>= 4.3)
    MediaToolkit (1.1.0.1)
    Newtonsoft.Json (9.0.1)
    Suave (2.0.4)
      FSharp.Core (>= 4.0.0.1)
    System.ValueTuple (4.3)
    xunit (2.2)
      xunit.assert (2.2)
      xunit.core (2.2)
    xunit.abstractions (2.0.1)
    xunit.assert (2.2)
    xunit.core (2.2)
      xunit.extensibility.core (2.2)
      xunit.extensibility.execution (2.2)
    xunit.extensibility.core (2.2)
      xunit.abstractions (>= 2.0.1)
    xunit.extensibility.execution (2.2)
      xunit.extensibility.core (2.2)
